PATH
  remote: .
  specs:
    rreplay (0.2.3)
      msgpack
      rack

GEM
  remote: https://rubygems.org/
  specs:
    byebug (11.0.1)
    json_expressions (0.9.0)
    minitest (5.13.0)
    msgpack (1.3.1)
    rack (2.0.8)
    rack-test (1.1.0)
      rack (>= 1.0, < 3)
    rake (12.3.3)
    timecop (0.9.1)

PLATFORMS
  ruby

DEPENDENCIES
  bundler
  byebug
  json_expressions
  minitest (~> 5.0)
  rack-test
  rake (~> 12.0)
  rreplay!
  timecop

RUBY VERSION
   ruby 2.7.0p0

BUNDLED WITH
   2.1.2
