PATH
  remote: .
  specs:
    rreplay (0.1.0)
      msgpack
      rack

GEM
  remote: https://rubygems.org/
  specs:
    coderay (1.1.2)
    json_expressions (0.9.0)
    method_source (0.9.2)
    minitest (5.13.0)
    msgpack (1.3.1)
    pry (0.12.2)
      coderay (~> 1.1.0)
      method_source (~> 0.9.0)
    pry-nav (0.3.0)
      pry (>= 0.9.10, < 0.13.0)
    rack (2.0.8)
    rack-test (1.1.0)
      rack (>= 1.0, < 3)
    rake (12.3.3)
    timecop (0.9.1)

PLATFORMS
  ruby

DEPENDENCIES
  bundler
  json_expressions
  minitest (~> 5.0)
  pry
  pry-nav
  rack-test
  rake (~> 12.0)
  rreplay!
  timecop

BUNDLED WITH
   2.1.2
