PATH
  remote: ../..
  specs:
    rreplay (0.1.0)
      msgpack
      rack

GEM
  remote: http://rubygems.org/
  specs:
    coderay (1.1.2)
    method_source (0.9.2)
    msgpack (1.3.1)
    mustermann (1.0.3)
    pry (0.12.2)
      coderay (~> 1.1.0)
      method_source (~> 0.9.0)
    pry-nav (0.3.0)
      pry (>= 0.9.10, < 0.13.0)
    rack (2.0.8)
    rack-protection (2.0.7)
      rack
    sinatra (2.0.7)
      mustermann (~> 1.0)
      rack (~> 2.0)
      rack-protection (= 2.0.7)
      tilt (~> 2.0)
    tilt (2.0.10)

PLATFORMS
  ruby

DEPENDENCIES
  pry
  pry-nav
  rreplay!
  sinatra

BUNDLED WITH
   2.1.2
